PATH
  remote: .
  specs:
    mealib (0.1.0)

GEM
  remote: https://rubygems.org/
  specs:
    rake (13.0.1)

PLATFORMS
  ruby

DEPENDENCIES
  bundler (~> 2.1.4)
  mealib!
  rake (~> 13.0)

BUNDLED WITH
   2.1.4
